PATH
  remote: .
  specs:
    zabbix-cloudwatch (0.0.3)
      aws-sdk (~> 1.21.0)
      getopt (~> 1.4.1)

GEM
  remote: https://rubygems.org/
  specs:
    aws-sdk (1.21.0)
      json (~> 1.4)
      nokogiri (>= 1.4.4, < 1.6.0)
      uuidtools (~> 2.1)
    getopt (1.4.1)
    json (1.8.0)
    nokogiri (1.5.10)
    uuidtools (2.1.4)

PLATFORMS
  ruby

DEPENDENCIES
  zabbix-cloudwatch!
