PATH
  remote: .
  specs:
    zabbix-cloudwatch (0.0.5)
      aws-sdk (~> 1.21.0)
      getopt (~> 1.4.1)

GEM
  remote: https://rubygems.org/
  specs:
    aws-sdk (1.21.0)
      json (~> 1.4)
      nokogiri (>= 1.4.4, < 1.6.0)
      uuidtools (~> 2.1)
    diff-lcs (1.2.4)
    getopt (1.4.1)
    json (1.8.0)
    nokogiri (1.5.10)
    rspec (2.14.1)
      rspec-core (~> 2.14.0)
      rspec-expectations (~> 2.14.0)
      rspec-mocks (~> 2.14.0)
    rspec-core (2.14.5)
    rspec-expectations (2.14.3)
      diff-lcs (>= 1.1.3, < 2.0)
    rspec-mocks (2.14.3)
    uuidtools (2.1.4)

PLATFORMS
  ruby

DEPENDENCIES
  rspec
  zabbix-cloudwatch!
